GEM
  remote: http://www.rubygems.org/
  specs:
    amq-protocol (1.9.2)
    awesome_print (1.2.0)
    bunny (1.5.1)
      amq-protocol (>= 1.9.2)

PLATFORMS
  ruby

DEPENDENCIES
  awesome_print
  bunny
